GEM
  remote: https://rubygems.org/
  specs:
    addressable (2.8.0)
      public_suffix (>= 2.0.2, < 6.0)
    bundler (2.2.33)
    coffee-script (2.4.1)
      coffee-script-source
      execjs
    coffee-script-source (1.12.2)
    colorator (1.1.0)
    commonmarker (0.23.9)
      ruby-enum (~> 0.7)
    concurrent-ruby (1.1.9)
    em-websocket (0.5.3)
      eventmachine (>= 0.12.9)
      http_parser.rb (~> 0.6.0)
    ethon (0.15.0)
      ffi (>= 1.3.0)
    eventmachine (1.2.7)
    execjs (2.8.1)
    faraday (1.10.0)
      faraday-em_http (~> 1.0)
      faraday-em_synchrony (~> 1.0)
      faraday-excon (~> 1.1)
      faraday-httpclient (~> 1.0)
      faraday-net_http (~> 1.0)
      faraday-net_http_persistent (~> 1.2)
      faraday-patron (~> 1.0)
      faraday-rack (~> 1.0)
      multipart-post (>= 1.2, < 3)
    faraday-em_http (1.0.0)
    faraday-em_synchrony (1.0.0)
    faraday-excon (1.1.0)
    faraday-httpclient (1.0.1)
    faraday-net_http (1.0.1)
    faraday-net_http_persistent (1.2.0)
    faraday-patron (1.0.0)
    faraday-rack (1.0.0)
    ffi (1.15.5)
    forwardable-extended (2.6.0)
    gemoji (3.0.1)
    github-pages (232)
      addressable (= 2.8.0)
      bundler (>= 2.2.33)
      coffee-script (= 2.4.1)
      colorator (= 1.1.0)
      commonmarker (= 0.23.9)
      em-websocket (= 0.5.3)
      ethon (= 0.15.0)
      eventmachine (= 1.2.7)
      execjs (= 2.8.1)
      faraday (= 1.10.0)
      forwardable-extended (= 2.6.0)
      gemoji (= 3.0.1)
      github-markdown (= 0.6.9)
      html-pipeline (= 2.14.0)
      http_parser.rb (= 0.6.0)
      i18n (= 1.8.11)
      jekyll (= 3.10.0)
      jekyll-avatar (= 0.7.0)
      jekyll-coffeescript (= 1.1.1)
      jekyll-commonmark-ghpages (= 0.2.0)
      jekyll-default-layout (= 0.2.0)
      jekyll-feed (= 0.15.1)
      jekyll-gist (= 1.5.0)
      jekyll-github-metadata (= 2.13.0)
      jekyll-mentions (= 1.6.0)
      jekyll-optional-front-matter (= 0.3.2)
      jekyll-paginate (= 1.1.0)
      jekyll-readme-index (= 0.3.0)
      jekyll-redirect-from (= 0.16.0)
      jekyll-relative-links (= 0.6.1)
      jekyll-seo-tag (= 2.7.1)
      jekyll-sitemap (= 1.4.0)
      jekyll-swiss (= 1.0.0)
      jekyll-theme-architect (= 0.1.1)
      jekyll-theme-cayman (= 0.1.1)
      jekyll-theme-dinky (= 0.1.1)
      jekyll-theme-hacker (= 0.1.2)
      jekyll-theme-leap-day (= 0.1.1)
      jekyll-theme-merlot (= 0.1.1)
      jekyll-theme-midnight (= 0.1.1)
      jekyll-theme-minimal (= 0.1.1)
      jekyll-theme-modernist (= 0.1.1)
      jekyll-theme-primer (= 0.6.0)
      jekyll-theme-slate (= 0.1.1)
      jekyll-theme-tactile (= 0.1.1)
      jekyll-theme-time-machine (= 0.1.1)
      jekyll-titles-from-headings (= 0.5.3)
      jemoji (= 0.12.0)
      kramdown (= 2.3.1)
      kramdown-parser-gfm (= 1.1.0)
      liquid (= 4.0.3)
      listen (= 3.2.1)
      mercenary (= 0.4.0)
      nokogiri (= 1.11.2)
      octokit (= 4.21.0)
      pathutil (= 0.16.2)
      public_suffix (= 4.0.6)
      rb-fsevent (= 0.11.0)
      rb-inotify (= 0.10.1)
      rouge (= 3.26.0)
      ruby-enum (= 0.7.2)
      rubyzip (= 2.3.0)
      safe_yaml (= 1.0.5)
      terminal-table (= 1.8.0)
      typhoeus (= 1.4.0)
      tzinfo (= 2.0.4)
      unicode-display_width (= 1.7.0)
    github-markdown (0.6.9)
      nokogiri (~> 1.8)
    html-pipeline (2.14.0)
      activesupport (>= 2, < 6)
      nokogiri (>= 1.4)
    http_parser.rb (0.6.0)
    i18n (1.8.11)
      concurrent-ruby (~> 1.0)
    jekyll (3.10.0)
      addressable (~> 2.4)
      colorator (~> 1.0)
      forwardable-extended (~> 2.6)
      i18n (~> 1.0)
      jekyll-sass-converter (~> 2.0)
      jekyll-watch (~> 2.0)
      kramdown (~> 2.3.0)
      liquid (~> 4.0)
      mercenary (~> 0.4)
      pathutil (~> 0.9)
      rouge (~> 3.0)
      safe_yaml (~> 1.0)
      terminal-table (~> 1.8)
    jekyll-avatar (0.7.0)
      jekyll (~> 3.0)
    jekyll-coffeescript (1.1.1)
      coffee-script (~> 2.0)
      jekyll (~> 3.0)
    jekyll-commonmark-ghpages (0.2.0)
      commonmarker (~> 0.17)
      jekyll (~> 3.5)
    jekyll-default-layout (0.2.0)
      jekyll (~> 3.5)
    jekyll-feed (0.15.1)
      jekyll (~> 3.7)
    jekyll-gist (1.5.0)
      octokit (~> 4.2)
    jekyll-github-metadata (2.13.0)
      jekyll (~> 3.0)
      octokit (~> 4.0)
    jekyll-mentions (1.6.0)
      html-pipeline (~> 2.0)
      jekyll (~> 3.0)
    jekyll-optional-front-matter (0.3.2)
      jekyll (~> 3.5)
    jekyll-paginate (1.1.0)
    jekyll-readme-index (0.3.0)
      jekyll (~> 3.7)
    jekyll-redirect-from (0.16.0)
      jekyll (>= 3.3, < 5.0)
    jekyll-relative-links (0.6.1)
      jekyll (~> 3.3)
    jekyll-seo-tag (2.7.1)
      jekyll (~> 3.3)
    jekyll-sitemap (1.4.0)
      jekyll (~> 3.7)
    jekyll-swiss (1.0.0)
    jekyll-theme-architect (0.1.1)
      jekyll (~> 3.5)
    jekyll-theme-cayman (0.1.1)
      jekyll (~> 3.5)
    jekyll-theme-dinky (0.1.1)
      jekyll (~> 3.5)
    jekyll-theme-hacker (0.1.2)
      jekyll (~> 3.5)
    jekyll-theme-leap-day (0.1.1)
      jekyll (~> 3.5)
    jekyll-theme-merlot (0.1.1)
      jekyll (~> 3.5)
    jekyll-theme-midnight (0.1.1)
      jekyll (~> 3.5)
    jekyll-theme-minimal (0.1.1)
      jekyll (~> 3.5)
    jekyll-theme-modernist (0.1.1)
      jekyll (~> 3.5)
    jekyll-theme-primer (0.6.0)
      jekyll (~> 3.5)
    jekyll-theme-slate (0.1.1)
      jekyll (~> 3.5)
    jekyll-theme-tactile (0.1.1)
      jekyll (~> 3.5)
    jekyll-theme-time-machine (0.1.1)
      jekyll (~> 3.5)
    jekyll-titles-from-headings (0.5.3)
      jekyll (~> 3.5)
    jemoji (0.12.0)
      gemoji (~> 3.0)
      jekyll (~> 3.0)
    kramdown (2.3.1)
    kramdown-parser-gfm (1.1.0)
      kramdown (~> 2.0)
    liquid (4.0.3)
    listen (3.2.1)
      rb-fsevent (~> 0.10, >= 0.10.3)
      rb-inotify (~> 0.9, >= 0.9.7)
    mercenary (0.4.0)
    nokogiri (1.11.2)
      mini_portile2 (~> 2.5.0)
    octokit (4.21.0)
      sawyer (~> 0.9.0)
    pathutil (0.16.2)
      forwardable-extended (~> 2.6)
    public_suffix (4.0.6)
    rb-fsevent (0.11.0)
    rb-inotify (0.10.1)
      ffi (~> 1.0)
    rouge (3.26.0)
    ruby-enum (0.7.2)
    rubyzip (2.3.0)
    safe_yaml (1.0.5)
    sawyer (0.9.2)
      addressable (>= 2.3.5, < 2.6)
    terminal-table (1.8.0)
      unicode-display_width (~> 1.1, >= 1.1.1)
    typhoeus (1.4.0)
      ethon (~> 0.15)
    tzinfo (2.0.4)
      concurrent-ruby (~> 1.0)
    unicode-display_width (1.7.0)

PLATFORMS
  ruby

DEPENDENCIES
  github-pages

BUNDLED WITH
   2.2.33
